PATH
  remote: .
  specs:
    johannes (0.0.1)
      enigma
      imgkit
      json
      mini_magick
      sinatra

GEM
  remote: https://rubygems.org/
  specs:
    addressable (2.3.5)
    enigma (0.0.5)
      addressable
      httparty
      httparty
      rack
      rack
      rest_client
    httparty (0.12.0)
      json (~> 1.8)
      multi_xml (>= 0.5.2)
    imgkit (1.3.10)
    json (1.8.1)
    mini_magick (3.7.0)
      subexec (~> 0.2.1)
    multi_xml (0.5.5)
    netrc (0.7.7)
    rack (1.5.2)
    rack-protection (1.5.2)
      rack
    rake (10.1.1)
    rest_client (1.7.2)
      netrc (~> 0.7.7)
    shotgun (0.9)
      rack (>= 1.0)
    sinatra (1.4.4)
      rack (~> 1.4)
      rack-protection (~> 1.4)
      tilt (~> 1.3, >= 1.3.4)
    subexec (0.2.3)
    tilt (1.4.1)

PLATFORMS
  ruby

DEPENDENCIES
  bundler (~> 1.3)
  johannes!
  rake
  shotgun
